RESTRICTION: || (== netcoreapp3.1) (== netstandard2.0)
NUGET
  remote: https://api.nuget.org/v3/index.json
    Fabulous (1.0.1)
      FSharp.Core (>= 4.7)
    Fabulous.LiveUpdate (1.0.1)
      Fabulous (>= 1.0 < 2.0)
      FSharp.Core (>= 4.7)
      Newtonsoft.Json (>= 12.0.1)
    Fabulous.XamarinForms (1.0.1)
      Fabulous (>= 1.0 < 2.0)
      FSharp.Core (>= 4.7)
      System.Buffers (>= 4.5.1)
      Xamarin.Forms (>= 5.0.0.1874)
    Fabulous.XamarinForms.LiveUpdate (1.0.1)
      Fabulous.LiveUpdate (>= 1.0 < 2.0)
      FSharp.Core (>= 4.7)
      Xamarin.Forms (>= 5.0.0.1874)
    FSharp.Core (5.0.1)
    Newtonsoft.Json (13.0.1)
    OpenTK (4.6.3)
      OpenTK.Compute (>= 4.6.3)
      OpenTK.Core (>= 4.6.3)
      OpenTK.Graphics (>= 4.6.3)
      OpenTK.Input (>= 4.6.3)
      OpenTK.Mathematics (>= 4.6.3)
      OpenTK.OpenAL (>= 4.6.3)
      OpenTK.Windowing.Common (>= 4.6.3)
      OpenTK.Windowing.Desktop (>= 4.6.3)
      OpenTK.Windowing.GraphicsLibraryFramework (>= 4.6.3)
    OpenTK.Compute (4.6.3)
    OpenTK.Core (4.6.3)
    OpenTK.GLControl (3.1)
      OpenTK (>= 3.1)
    OpenTK.Graphics (4.6.3)
      OpenTK.Core (>= 4.6.3 < 4.7) - restriction: || (== netcoreapp3.1) (&& (== netstandard2.0) (>= netstandard2.1))
      OpenTK.Mathematics (>= 4.6.3 < 4.7) - restriction: || (== netcoreapp3.1) (&& (== netstandard2.0) (>= netstandard2.1))
    OpenTK.Input (4.6.3)
    OpenTK.Mathematics (4.6.3)
      System.Runtime.CompilerServices.Unsafe (>= 5.0 < 5.1) - restriction: || (== netcoreapp3.1) (&& (== netstandard2.0) (>= netstandard2.1))
    OpenTK.OpenAL (4.6.3)
      OpenTK.Core (>= 4.6.3 < 4.7) - restriction: || (== netcoreapp3.1) (&& (== netstandard2.0) (>= netcoreapp3.1))
      OpenTK.Mathematics (>= 4.6.3 < 4.7) - restriction: || (== netcoreapp3.1) (&& (== netstandard2.0) (>= netcoreapp3.1))
    OpenTK.redist.glfw (3.3.0-pre20200830200122) - restriction: || (== netcoreapp3.1) (&& (== netstandard2.0) (>= netcoreapp3.1))
    OpenTK.Windowing.Common (4.6.3)
      OpenTK.Core (>= 4.6.3 < 4.7) - restriction: || (== netcoreapp3.1) (&& (== netstandard2.0) (>= netstandard2.1))
      OpenTK.Mathematics (>= 4.6.3 < 4.7) - restriction: || (== netcoreapp3.1) (&& (== netstandard2.0) (>= netstandard2.1))
    OpenTK.Windowing.Desktop (4.6.3)
      OpenTK.Core (>= 4.6.3 < 4.7) - restriction: || (== netcoreapp3.1) (&& (== netstandard2.0) (>= netcoreapp3.1))
      OpenTK.Mathematics (>= 4.6.3 < 4.7) - restriction: || (== netcoreapp3.1) (&& (== netstandard2.0) (>= netcoreapp3.1))
      OpenTK.Windowing.Common (>= 4.6.3 < 4.7) - restriction: || (== netcoreapp3.1) (&& (== netstandard2.0) (>= netcoreapp3.1))
      OpenTK.Windowing.GraphicsLibraryFramework (>= 4.6.3 < 4.7) - restriction: || (== netcoreapp3.1) (&& (== netstandard2.0) (>= netcoreapp3.1))
    OpenTK.Windowing.GraphicsLibraryFramework (4.6.3)
      OpenTK.Core (>= 4.6.3 < 4.7) - restriction: || (== netcoreapp3.1) (&& (== netstandard2.0) (>= netcoreapp3.1))
      OpenTK.redist.glfw (>= 3.3.0-pre20200830200122 < 3.4.0-pre) - restriction: || (== netcoreapp3.1) (&& (== netstandard2.0) (>= netcoreapp3.1))
    System.Buffers (4.5.1)
    System.Runtime.CompilerServices.Unsafe (5.0) - restriction: || (== netcoreapp3.1) (&& (== netstandard2.0) (>= netstandard2.1))
    Xamarin.Forms (5.0.0.2012)
    Xamarin.Forms.Platform.WPF (5.0.0.2012)
      OpenTK (>= 3.0.1)
      OpenTK.GLControl (>= 3.0.1)
      Xamarin.Forms (>= 5.0.0.2012)
